GEM
  specs:
    nokogiri (1.18.3-arm64-darwin)
      racc (~> 1.4)
    racc (1.8.1)

PLATFORMS
  arm64-darwin

DEPENDENCIES
  nokogiri

BUNDLED WITH
   2.6.5
